GEM
  remote: https://rubygems.org/
  specs:
    cinch (2.3.4)

PLATFORMS
  x64-mingw32

DEPENDENCIES
  cinch

BUNDLED WITH
   2.0.1
